PATH
  remote: .
  specs:
    calendarium-romanum-remote (0.1.0)
      calendarium-romanum (~> 0.4.0)
      httpi (~> 2.0)

GEM
  remote: https://rubygems.org/
  specs:
    calendarium-romanum (0.4.0)
      i18n (~> 0.6)
      roman-numerals (~> 0.3)
      thor (~> 0.18)
    concurrent-ruby (1.1.3)
    diff-lcs (1.3)
    docile (1.3.1)
    httpi (2.4.4)
      rack
      socksify
    i18n (0.9.5)
      concurrent-ruby (~> 1.0)
    json (2.1.0)
    rack (2.0.7)
    rake (12.0.0)
    roman-numerals (0.3.0)
    rspec (3.6.0)
      rspec-core (~> 3.6.0)
      rspec-expectations (~> 3.6.0)
      rspec-mocks (~> 3.6.0)
    rspec-core (3.6.0)
      rspec-support (~> 3.6.0)
    rspec-expectations (3.6.0)
      diff-lcs (>= 1.2.0, < 2.0)
      rspec-support (~> 3.6.0)
    rspec-mocks (3.6.0)
      diff-lcs (>= 1.2.0, < 2.0)
      rspec-support (~> 3.6.0)
    rspec-support (3.6.0)
    simplecov (0.16.1)
      docile (~> 1.1)
      json (>= 1.8, < 3)
      simplecov-html (~> 0.10.0)
    simplecov-html (0.10.2)
    socksify (1.7.1)
    thor (0.20.0)

PLATFORMS
  ruby

DEPENDENCIES
  calendarium-romanum-remote!
  rake (~> 12.0)
  rspec (~> 3.6)
  simplecov

BUNDLED WITH
   1.13.6
