PATH
  remote: .
  specs:
    calendarium-romanum-remote (0.0.0)
      calendarium-romanum (~> 0.4.0)

GEM
  remote: https://rubygems.org/
  specs:
    calendarium-romanum (0.4.0)
      i18n (~> 0.6)
      roman-numerals (~> 0.3)
      thor (~> 0.18)
    diff-lcs (1.3)
    i18n (0.8.6)
    rake (12.0.0)
    roman-numerals (0.3.0)
    rspec (3.6.0)
      rspec-core (~> 3.6.0)
      rspec-expectations (~> 3.6.0)
      rspec-mocks (~> 3.6.0)
    rspec-core (3.6.0)
      rspec-support (~> 3.6.0)
    rspec-expectations (3.6.0)
      diff-lcs (>= 1.2.0, < 2.0)
      rspec-support (~> 3.6.0)
    rspec-mocks (3.6.0)
      diff-lcs (>= 1.2.0, < 2.0)
      rspec-support (~> 3.6.0)
    rspec-support (3.6.0)
    thor (0.20.0)

PLATFORMS
  ruby

DEPENDENCIES
  calendarium-romanum-remote!
  rake (~> 12.0)
  rspec (~> 3.6)

BUNDLED WITH
   1.13.6
